GIT
  remote: git://github.com/fgrehm/vagrant-cachier.git
  revision: e2da4dd537f2e95bcb03facdf2eb6e69cc950024
  specs:
    vagrant-cachier (0.5.1.dev)

GIT
  remote: git://github.com/fgrehm/vagrant-pristine.git
  revision: 4638491786943bfbf6f115b1fc379f069963fe46
  specs:
    vagrant-pristine (0.3.0)

GIT
  remote: git://github.com/mitchellh/vagrant.git
  revision: 059de113a705f84ff165a4df049d38a2abcc60a8
  tag: v1.4.0
  specs:
    vagrant (1.4.0)
      childprocess (~> 0.3.7)
      erubis (~> 2.7.0)
      i18n (~> 0.6.0)
      log4r (~> 1.1.9)
      net-scp (~> 1.1.0)
      net-ssh (>= 2.6.6, < 2.8.0)

PATH
  remote: .
  specs:
    vagrant-lxc (0.7.1.dev)

GEM
  remote: https://rubygems.org/
  specs:
    celluloid (0.15.2)
      timers (~> 1.1.0)
    childprocess (0.3.9)
      ffi (~> 1.0, >= 1.0.11)
    coderay (1.1.0)
    coveralls (0.7.0)
      multi_json (~> 1.3)
      rest-client
      simplecov (>= 0.7)
      term-ansicolor
      thor
    diff-lcs (1.2.5)
    docile (1.1.1)
    erubis (2.7.0)
    ffi (1.9.3)
    formatador (0.2.4)
    guard (2.2.5)
      formatador (>= 0.2.4)
      listen (~> 2.1)
      lumberjack (~> 1.0)
      pry (>= 0.9.12)
      thor (>= 0.18.1)
    guard-rspec (3.1.0)
      guard (>= 1.8)
      rspec (~> 2.13)
    i18n (0.6.9)
    listen (2.4.0)
      celluloid (>= 0.15.2)
      rb-fsevent (>= 0.9.3)
      rb-inotify (>= 0.9)
    log4r (1.1.10)
    lumberjack (1.0.4)
    method_source (0.8.2)
    mime-types (2.0)
    multi_json (1.8.2)
    net-scp (1.1.2)
      net-ssh (>= 2.6.5)
    net-ssh (2.7.0)
    pry (0.9.12.4)
      coderay (~> 1.0)
      method_source (~> 0.8)
      slop (~> 3.4)
    rake (10.1.0)
    rb-fsevent (0.9.3)
    rb-inotify (0.9.3)
      ffi (>= 0.5.0)
    rest-client (1.6.7)
      mime-types (>= 1.16)
    rspec (2.13.0)
      rspec-core (~> 2.13.0)
      rspec-expectations (~> 2.13.0)
      rspec-mocks (~> 2.13.0)
    rspec-core (2.13.1)
    rspec-expectations (2.13.0)
      diff-lcs (>= 1.1.3, < 2.0)
    rspec-fire (1.3.0)
      rspec (>= 2.11, < 4)
    rspec-mocks (2.13.1)
    rspec-spies (2.1.4)
      rspec (~> 2.0)
    simplecov (0.8.2)
      docile (~> 1.1.0)
      multi_json
      simplecov-html (~> 0.8.0)
    simplecov-html (0.8.0)
    slop (3.4.7)
    term-ansicolor (1.2.2)
      tins (~> 0.8)
    thor (0.18.1)
    timers (1.1.0)
    tins (0.13.1)
    vagrant-omnibus (1.2.0)

PLATFORMS
  ruby

DEPENDENCIES
  coveralls
  guard
  guard-rspec
  rake
  rb-inotify
  rspec (~> 2.13.0)
  rspec-fire
  rspec-spies
  vagrant!
  vagrant-cachier!
  vagrant-lxc!
  vagrant-omnibus
  vagrant-pristine!
